GEM
  remote: https://rubygems.org/
  specs:
    ethon (0.14.0)
      ffi (>= 1.15.0)
    ffi (1.15.4)
    nokogiri (1.12.5-x86_64-darwin)
      racc (~> 1.4)
    racc (1.5.2)
    rbtree (0.4.4)
    typhoeus (1.4.0)
      ethon (>= 0.9.0)

PLATFORMS
  x86_64-darwin-20

DEPENDENCIES
  nokogiri (~> 1.12)
  rbtree (~> 0.4.4)
  typhoeus (~> 1.4.0)

BUNDLED WITH
   2.2.28
